GEM
  remote: https://rubygems.org/
  specs:
    csv (3.1.1)
    curb (0.9.10)
    mini_portile2 (2.5.1)
    nokogiri (1.11.4)
      mini_portile2 (~> 2.5.0)
      racc (~> 1.4)
    racc (1.5.2)

PLATFORMS
  ruby

DEPENDENCIES
  csv
  curb
  nokogiri

BUNDLED WITH
   2.0.2
